PATH
  remote: .
  specs:
    deploy_and_deliver (2.0.0)
      pivotal-tracker (>= 0.3.1)

GEM
  remote: http://rubygems.org/
  specs:
    builder (3.0.0)
    happymapper (0.3.2)
      libxml-ruby (~> 1.1.3)
    libxml-ruby (1.1.4)
    mime-types (1.16)
    nokogiri (1.4.3.1)
    pivotal-tracker (0.3.1)
      builder
      happymapper (>= 0.3.2)
      nokogiri (~> 1.4.3.1)
      rest-client (~> 1.6.0)
    rest-client (1.6.1)
      mime-types (>= 1.16)

PLATFORMS
  ruby

DEPENDENCIES
  deploy_and_deliver!
